PATH
  remote: .
  specs:
    hpckit (0.1.0)
      bcrypt_pbkdf
      ed25519 (~> 1.2, >= 1.2.4)
      net-ssh (~> 7.0)
      zeitwerk (~> 2.5)

GEM
  remote: https://rubygems.org/
  specs:
    bcrypt_pbkdf (1.1.0)
    debug (1.7.2)
      irb (>= 1.5.0)
      reline (>= 0.3.1)
    ed25519 (1.3.0)
    io-console (0.6.0)
    irb (1.6.4)
      reline (>= 0.3.0)
    minitest (5.18.0)
    mocha (2.0.2)
      ruby2_keywords (>= 0.0.5)
    net-ssh (7.1.0)
    rake (13.0.6)
    reline (0.3.3)
      io-console (~> 0.5)
    ruby2_keywords (0.0.5)
    zeitwerk (2.6.7)

PLATFORMS
  x86_64-linux

DEPENDENCIES
  debug
  hpckit!
  minitest (~> 5.0)
  mocha
  rake (~> 13.0)

BUNDLED WITH
   2.4.8
